GEM
  remote: http://rubygems.org/
  specs:
    choice (0.1.4)
    prowler (1.3.0)

PLATFORMS
  ruby

DEPENDENCIES
  choice
  prowler
