GEM
  remote: http://rubygems.org/
  specs:
    choice (0.1.4)
    config_context (0.0.1)
    mini_logger (0.0.1)
      config_context
      config_context
      mocha
    mocha (0.9.12)
    prowler (1.3.0)

PLATFORMS
  ruby

DEPENDENCIES
  choice
  config_context
  mini_logger
  prowler
